GEM
  remote: https://rubygems.org/
  specs:
    app_configuration (0.0.2)
    dropbox-sdk (1.6.2)
      json
    haml (4.0.4)
      tilt
    json (1.8.1)
    rack (1.5.2)
    rack-protection (1.5.1)
      rack
    sinatra (1.4.4)
      rack (~> 1.4)
      rack-protection (~> 1.4)
      tilt (~> 1.3, >= 1.3.4)
    tilt (1.4.1)

PLATFORMS
  ruby

DEPENDENCIES
  app_configuration
  bundler
  dropbox-sdk
  haml
  sinatra
